PATH
  remote: .
  specs:
    wherex (1.0.6)
      activerecord (>= 3.0)
      arel (>= 2.0)

GEM
  remote: http://rubygems.org/
  specs:
    activemodel (3.2.3)
      activesupport (= 3.2.3)
      builder (~> 3.0.0)
    activerecord (3.2.3)
      activemodel (= 3.2.3)
      activesupport (= 3.2.3)
      arel (~> 3.0.2)
      tzinfo (~> 0.3.29)
    activesupport (3.2.3)
      i18n (~> 0.6)
      multi_json (~> 1.0)
    ansi (1.2.2)
    arel (3.0.2)
    builder (3.0.0)
    i18n (0.6.0)
    multi_json (1.2.0)
    rake (0.8.7)
    rcov (0.9.9)
    redgreen (1.2.2)
    sqlite3 (1.3.5)
    turn (0.8.2)
      ansi (>= 1.2.2)
    tzinfo (0.3.32)

PLATFORMS
  ruby

DEPENDENCIES
  rake (>= 0.8.3)
  rcov
  redgreen
  sqlite3
  turn
  wherex!
